GEM
  remote: https://rubygems.org/
  specs:
    bindata (1.6.0)
    mini_portile (0.5.2)
    nokogiri (1.6.1)
      mini_portile (~> 0.5.0)
    test-unit (2.5.5)

PLATFORMS
  ruby

DEPENDENCIES
  bindata
  nokogiri
  test-unit
