GEM
  remote: https://rubygems.org/
  specs:
    bindata (1.6.0)
    bloomfilter-rb (2.1.1)
      redis
    mini_portile (0.5.2)
    nokogiri (1.6.1)
      mini_portile (~> 0.5.0)
    redis (3.0.6)
    test-unit (2.5.5)

PLATFORMS
  ruby

DEPENDENCIES
  bindata
  bloomfilter-rb
  nokogiri
  test-unit
